PATH
  remote: .
  specs:
    paysafe (0.15.0)
      http (>= 4, < 6)

GEM
  remote: https://rubygems.org/
  specs:
    addressable (2.8.6)
      public_suffix (>= 2.0.2, < 6.0)
    ansi (1.5.0)
    base64 (0.2.0)
    bigdecimal (3.1.8)
    builder (3.3.0)
    crack (1.0.0)
      bigdecimal
      rexml
    docile (1.4.0)
    domain_name (0.6.20240107)
    dotenv (3.1.2)
    ffi (1.16.3)
    ffi-compiler (1.3.2)
      ffi (>= 1.15.5)
      rake
    hashdiff (1.1.0)
    http (5.2.0)
      addressable (~> 2.8)
      base64 (~> 0.1)
      http-cookie (~> 1.0)
      http-form_data (~> 2.2)
      llhttp-ffi (~> 0.5.0)
    http-cookie (1.0.5)
      domain_name (~> 0.5)
    http-form_data (2.3.0)
    llhttp-ffi (0.5.0)
      ffi-compiler (~> 1.0)
      rake (~> 13.0)
    minitest (5.23.1)
    minitest-mock_expectations (1.2.0)
    minitest-reporters (1.7.1)
      ansi
      builder
      minitest (>= 5.0)
      ruby-progressbar
    public_suffix (5.0.5)
    rake (13.2.1)
    rexml (3.2.8)
      strscan (>= 3.0.9)
    ruby-progressbar (1.13.0)
    simplecov (0.22.0)
      docile (~> 1.1)
      simplecov-html (~> 0.11)
      simplecov_json_formatter (~> 0.1)
    simplecov-cobertura (2.1.0)
      rexml
      simplecov (~> 0.19)
    simplecov-html (0.12.3)
    simplecov_json_formatter (0.1.4)
    strscan (3.1.0)
    vcr (6.2.0)
    webmock (3.23.1)
      addressable (>= 2.8.0)
      crack (>= 0.3.2)
      hashdiff (>= 0.4.0, < 2.0.0)

PLATFORMS
  ruby

DEPENDENCIES
  bundler (~> 2.0)
  dotenv
  minitest
  minitest-mock_expectations
  minitest-reporters
  paysafe!
  rake
  simplecov
  simplecov-cobertura
  vcr
  webmock

BUNDLED WITH
   2.3.10
